GEM
  remote: https://rubygems.org/
  specs:
    rack (2.0.7)

PLATFORMS
  ruby

DEPENDENCIES
  rack (>= 2.0.6)

BUNDLED WITH
   1.17.2
